GEM
  remote: https://rubygems.org/
  specs:
    diff-lcs (1.1.3)
    fakeweb (1.3.0)
    haml (2.2.20)
    puma (2.11.1)
      rack (>= 1.1, < 2.0)
    rack (1.3.3)
    rspec (2.9.0)
      rspec-core (~> 2.9.0)
      rspec-expectations (~> 2.9.0)
      rspec-mocks (~> 2.9.0)
    rspec-core (2.9.0)
    rspec-expectations (2.9.1)
      diff-lcs (~> 1.1.3)
    rspec-mocks (2.9.0)
    sinatra (1.0)
      rack (>= 1.0)
    tiny_http (0.1.1)

PLATFORMS
  ruby

DEPENDENCIES
  fakeweb
  haml (= 2.2.20)
  puma
  rack (= 1.3.3)
  rspec
  sinatra (= 1.0)
  tiny_http
