GEM
  remote: http://rubygems.org/
  specs:
    diff-lcs (1.1.2)
    haml (2.2.20)
    mechanize (1.0.0)
      nokogiri (>= 1.2.1)
    mocha (0.9.10)
      rake
    nokogiri (1.4.4)
    rack (1.2.1)
    rake (0.8.7)
    rspec (2.1.0)
      rspec-core (~> 2.1.0)
      rspec-expectations (~> 2.1.0)
      rspec-mocks (~> 2.1.0)
    rspec-core (2.1.0)
    rspec-expectations (2.1.0)
      diff-lcs (~> 1.1.2)
    rspec-mocks (2.1.0)
    sinatra (1.0)
      rack (>= 1.0)

PLATFORMS
  ruby

DEPENDENCIES
  haml (= 2.2.20)
  mechanize (= 1.0.0)
  mocha
  rspec
  sinatra (= 1.0)
